GEM
  remote: https://rubygems.org/
  specs:
    ffi (1.9.25)
    foreman (0.85.0)
      thor (~> 0.19.1)
    gruff (0.7.0)
      rmagick (~> 2.13, >= 2.13.4)
    kgio (2.11.2)
    listen (3.0.8)
      rb-fsevent (~> 0.9, >= 0.9.4)
      rb-inotify (~> 0.9, >= 0.9.7)
    mustermann (1.0.3)
    rack (2.0.5)
    rack-conneg (0.1.6)
      rack (>= 1.0)
    rack-protection (2.0.4)
      rack
    raindrops (0.19.0)
    rb-fsevent (0.9.8)
    rb-inotify (0.9.8)
      ffi (>= 0.5.0)
    rerun (0.13.0)
      listen (~> 3.0)
    rmagick (2.16.0)
    sinatra (2.0.4)
      mustermann (~> 1.0)
      rack (~> 2.0)
      rack-protection (= 2.0.4)
      tilt (~> 2.0)
    thor (0.19.4)
    tilt (2.0.8)
    unicorn (5.4.1)
      kgio (~> 2.6)
      raindrops (~> 0.7)

PLATFORMS
  ruby

DEPENDENCIES
  ffi (> 1.9.24)!
  foreman!
  gruff!
  rack-conneg!
  rerun!
  sinatra!
  unicorn!

BUNDLED WITH
   1.12.5
